GEM
  remote: https://rubygems.org/
  specs:
    fluent-logger (0.7.2)
      msgpack (>= 1.0.0, < 2)
    msgpack (1.5.1)
    mustermann (1.1.1)
      ruby2_keywords (~> 0.0.1)
    nio4r (2.5.8)
    puma (5.6.4)
      nio4r (~> 2.0)
    rack (2.2.3)
    rack-protection (2.2.0)
      rack
    ruby2_keywords (0.0.5)
    sinatra (2.2.0)
      mustermann (~> 1.0)
      rack (~> 2.2)
      rack-protection (= 2.2.0)
      tilt (~> 2.0)
    sinatra-cross_origin (0.4.0)
    tilt (2.0.10)

PLATFORMS
  x86_64-linux

DEPENDENCIES
  bundler
  fluent-logger (~> 0.7.1)
  puma
  rack
  sinatra
  sinatra-cross_origin

BUNDLED WITH
   2.3.10
